GEM
  remote: https://rubygems.org/
  specs:
    coderay (1.1.2)
    dotenv (2.7.5)
    json (2.3.0)
    method_source (0.9.2)
    oauth (0.5.5)
    pry (0.12.2)
      coderay (~> 1.1.0)
      method_source (~> 0.9.0)

PLATFORMS
  ruby

DEPENDENCIES
  dotenv
  json
  oauth
  pry

BUNDLED WITH
   2.1.4
