GEM
  remote: https://rubygems.org/
  specs:
    dotenv (2.0.1)
    json (1.8.2)
    oauth (0.4.7)

PLATFORMS
  ruby

DEPENDENCIES
  dotenv
  json
  oauth
